ObjectType = Image
NDims = 3
BinaryData = True
BinaryDataByteOrderMSB = False
CompressedData = True
CompressedDataSize = 1183771
TransformMatrix = 1 0 0 0 1 0 0 0 1
Offset = 0 0 0
CenterOfRotation = 0 0 0
ElementSpacing = 0.1848 0.1848 0.1848
DimSize = 335 238 17
AnatomicalOrientation = ???
ElementType = MET_UCHAR
ElementDataFile = slice.raw
