ObjectType = Image
NDims = 3
BinaryData = True
BinaryDataByteOrderMSB = False
CompressedData = True
CompressedDataSize = 7246894
TransformMatrix = 1 0 0 0 1 0 0 0 1
Offset = 0 0 0
CenterOfRotation = 0 0 0
ElementSpacing = 0.201172 0.201172 0.201172
DimSize = 293 529 262
AnatomicalOrientation = ???
ElementType = MET_UCHAR
ElementDataFile = Vol.raw
