ObjectType = Image
NDims = 3
BinaryData = True
BinaryDataByteOrderMSB = False
CompressedData = True
CompressedDataSize = 433060
TransformMatrix = 1 0 0 0 1 0 0 0 1
Offset = 401.814 177.245 20.7056
CenterOfRotation = 0 0 0
ElementSpacing = 0.50293 0.475278 0.475278
DimSize = 117 212 105
AnatomicalOrientation = ???
ElementType = MET_UCHAR
ElementDataFile = volprueba.raw
