ObjectType = Image
NDims = 3
BinaryData = True
BinaryDataByteOrderMSB = False
CompressedData = True
CompressedDataSize = 331550
TransformMatrix = 1 0 0 0 1 0 0 0 1
Offset = 401.814 177.245 20.7056
CenterOfRotation = 0 0 0
ElementSpacing = 0.603516 0.570334 0.570334
DimSize = 98 177 88
AnatomicalOrientation = ???
ElementType = MET_UCHAR
ElementDataFile = GaussDai5.raw
