ObjectType = Image
NDims = 3
BinaryData = True
BinaryDataByteOrderMSB = False
CompressedData = True
CompressedDataSize = 3487118
TransformMatrix = 1 0 0 0 1 0 0 0 1
Offset = 0 0 0
CenterOfRotation = 0 0 0
ElementSpacing = 0.301758 0.301758 0.301758
DimSize = 195 333 165
AnatomicalOrientation = ???
ElementType = MET_UCHAR
ElementDataFile = Volres3.raw
