ObjectType = Image
NDims = 3
BinaryData = True
BinaryDataByteOrderMSB = False
CompressedData = True
CompressedDataSize = 135020
TransformMatrix = 1 0 0 0 1 0 0 0 1
Offset = 271.315 84.9591 136.522
CenterOfRotation = 0 0 0
ElementSpacing = 0.50293 0.475278 0.475278
DimSize = 88 42 85
AnatomicalOrientation = ???
ElementType = MET_UCHAR
ElementDataFile = PBM_Gauss_5_Dimensiones_03_5x5x5.raw
