ObjectType = Image
NDims = 3
BinaryData = True
BinaryDataByteOrderMSB = False
CompressedData = True
CompressedDataSize = 8978001
TransformMatrix = 1 0 0 0 1 0 0 0 1
Offset = 401.814 177.245 20.7056
CenterOfRotation = 0 0 0
ElementSpacing = 0.201172 0.190111 0.190111
DimSize = 293 529 262
AnatomicalOrientation = ???
ElementType = MET_UCHAR
ElementDataFile = PBM_AGauss_2_Data_01.raw
