ObjectType = Image
NDims = 3
BinaryData = True
BinaryDataByteOrderMSB = False
CompressedData = True
CompressedDataSize = 20173
TransformMatrix = 1 0 0 0 1 0 0 0 1
Offset = 271.315 84.9591 136.522
CenterOfRotation = 0 0 0
ElementSpacing = 1.00586 0.950557 0.950557
DimSize = 44 21 43
AnatomicalOrientation = ???
ElementType = MET_UCHAR
ElementDataFile = PBM_Gauss_10_Dimensiones_3_3x3x3.raw
