ObjectType = Image
NDims = 3
BinaryData = True
BinaryDataByteOrderMSB = False
CompressedData = True
CompressedDataSize = 2359525
TransformMatrix = 1 0 0 0 1 0 0 0 1
Offset = 341.056 41.4786 138.227
CenterOfRotation = 0 0 0
ElementSpacing = 0.201172 0.190111 0.190111
DimSize = 218 109 219
AnatomicalOrientation = ???
ElementType = MET_UCHAR
ElementDataFile = PBM_Gauss_2_Dimensiones_2_3x3x3.raw
