ObjectType = Image
NDims = 3
BinaryData = True
BinaryDataByteOrderMSB = False
CompressedData = True
CompressedDataSize = 202306
TransformMatrix = 1 0 0 0 1 0 0 0 1
Offset = 0 0 0
CenterOfRotation = 0 0 0
ElementSpacing = 0.50293 0.50293 0.50293
DimSize = 88 42 85
AnatomicalOrientation = ???
ElementType = MET_UCHAR
ElementDataFile = VBM_5_Dimensiones_03.raw
