ObjectType = Image
NDims = 3
BinaryData = True
BinaryDataByteOrderMSB = False
CompressedData = True
CompressedDataSize = 806878
TransformMatrix = 1 0 0 0 1 0 0 0 1
Offset = 0 0 0
CenterOfRotation = 0 0 0
ElementSpacing = 0.50293 0.50293 0.50293
DimSize = 117 212 105
AnatomicalOrientation = ???
ElementType = MET_UCHAR
ElementDataFile = VBM_5_Data_01.raw
