ObjectType = Image
NDims = 3
BinaryData = True
BinaryDataByteOrderMSB = False
CompressedData = True
CompressedDataSize = 214024
TransformMatrix = 1 0 0 0 1 0 0 0 1
Offset = 0 0 0
CenterOfRotation = 0 0 0
ElementSpacing = 0.50293 0.50293 0.50293
DimSize = 87 44 88
AnatomicalOrientation = ???
ElementType = MET_UCHAR
ElementDataFile = VBM_5_Dimensiones_02.raw
