ObjectType = Image
NDims = 3
BinaryData = True
BinaryDataByteOrderMSB = False
CompressedData = True
CompressedDataSize = 30371
TransformMatrix = 1 0 0 0 1 0 0 0 1
Offset = 0 0 0
CenterOfRotation = 0 0 0
ElementSpacing = 1.00586 1.00586 1.00586
DimSize = 44 22 44
AnatomicalOrientation = ???
ElementType = MET_UCHAR
ElementDataFile = VBM_10_Dimensiones_2.raw
