ObjectType = Image
NDims = 3
BinaryData = True
BinaryDataByteOrderMSB = False
CompressedData = True
CompressedDataSize = 2596454
TransformMatrix = 1 0 0 0 1 0 0 0 1
Offset = 0 0 0
CenterOfRotation = 0 0 0
ElementSpacing = 0.201172 0.201172 0.201172
DimSize = 219 105 213
AnatomicalOrientation = ???
ElementType = MET_UCHAR
ElementDataFile = VBM_2_Dimensiones_3.raw
