ObjectType = Image
NDims = 3
BinaryData = True
BinaryDataByteOrderMSB = False
CompressedData = True
CompressedDataSize = 13840543
TransformMatrix = 1 0 0 0 1 0 0 0 1
Offset = 0 0 0
CenterOfRotation = 0 0 0
ElementSpacing = 0.199413 0.199413 0.199413
DimSize = 297 416 305
AnatomicalOrientation = ???
ElementType = MET_UCHAR
ElementDataFile = VBM_2_Raton.raw
