ObjectType = Image
NDims = 3
BinaryData = True
BinaryDataByteOrderMSB = False
CompressedData = True
CompressedDataSize = 162709
TransformMatrix = 1 0 0 0 1 0 0 0 1
Offset = 26.4805 -367.35 33.1792
CenterOfRotation = 0 0 0
ElementSpacing = 0.997064 0.983927 0.983927
DimSize = 60 84 61
AnatomicalOrientation = ???
ElementType = MET_UCHAR
ElementDataFile = PBM_Grow_10_Raton.raw
